PATH
  remote: .
  specs:
    agile_serializer (0.0.6)

GEM
  remote: http://rubygems.org/
  specs:
    activemodel (3.0.10)
      activesupport (= 3.0.10)
      builder (~> 2.1.2)
      i18n (~> 0.5.0)
    activerecord (3.0.10)
      activemodel (= 3.0.10)
      activesupport (= 3.0.10)
      arel (~> 2.0.10)
      tzinfo (~> 0.3.23)
    activesupport (3.0.10)
    ansi (1.4.1)
    arel (2.0.10)
    awesome_print (0.4.0)
    builder (2.1.2)
    columnize (0.3.4)
    i18n (0.5.0)
    json (1.6.1)
    linecache (0.46)
      rbx-require-relative (> 0.0.4)
    rbx-require-relative (0.0.5)
    ruby-debug (0.10.4)
      columnize (>= 0.1)
      ruby-debug-base (~> 0.10.4.0)
    ruby-debug-base (0.10.4)
      linecache (>= 0.3)
    shoulda (2.11.3)
    sqlite3 (1.3.4)
    turn (0.8.3)
      ansi
    tzinfo (0.3.31)

PLATFORMS
  ruby

DEPENDENCIES
  activerecord (~> 3.0.0)
  agile_serializer!
  awesome_print
  json
  ruby-debug
  shoulda
  sqlite3
  turn
